GEM
  remote: https://rubygems.org/
  specs:
    activemodel (4.2.6)
      activesupport (= 4.2.6)
      builder (~> 3.1)
    activerecord (4.2.6)
      activemodel (= 4.2.6)
      activesupport (= 4.2.6)
      arel (~> 6.0)
    activesupport (4.2.6)
      i18n (~> 0.7)
      json (~> 1.7, >= 1.7.7)
      minitest (~> 5.1)
      thread_safe (~> 0.3, >= 0.3.4)
      tzinfo (~> 1.1)
    arel (6.0.3)
    bson (3.0.2)
    builder (3.2.2)
    daemons (1.1.9)
    dotenv (2.0.1)
    erubis (2.7.0)
    eventmachine (1.0.4)
    i18n (0.7.0)
    json (1.8.1)
    minitest (5.9.0)
    mongo (2.0.3)
      bson (~> 3.0)
    pg (0.18.4)
    rack (1.6.0)
    rack-protection (1.5.3)
      rack
    sinatra (1.4.5)
      rack (~> 1.4)
      rack-protection (~> 1.4)
      tilt (~> 1.3, >= 1.3.4)
    sinatra-activerecord (2.0.9)
      activerecord (>= 3.2)
      sinatra (~> 1.0)
    thin (1.7.0)
      daemons (~> 1.0, >= 1.0.9)
      eventmachine (~> 1.0, >= 1.0.4)
      rack (>= 1, < 3)
    thread_safe (0.3.5)
    tilt (1.4.1)
    tzinfo (1.2.2)
      thread_safe (~> 0.1)

PLATFORMS
  ruby

DEPENDENCIES
  activesupport (= 4.2.6)
  dotenv
  erubis
  json (= 1.8.1)
  mongo
  pg
  sinatra (= 1.4.5)
  sinatra-activerecord
  thin

BUNDLED WITH
   1.11.2
